PATH
  remote: .
  specs:
    sequel (3.25.111)

GEM
  remote: http://rubygems.org/
  specs:

PLATFORMS
  ruby

DEPENDENCIES
  sequel!
